STORAGE: NONE
RESTRICTION: == net6.0
NUGET
  remote: https://api.nuget.org/v3/index.json
    CommandLineParser.FSharp (2.9.1)
      FSharp.Core (>= 4.5.1)
    FSharp.Core (7.0)
    FsToolkit.ErrorHandling (3.2)
      FSharp.Core (>= 6.0.3)
    UTF.Unknown (2.5.1)
