STORAGE: NONE
RESTRICTION: == net7.0
NUGET
  remote: https://api.nuget.org/v3/index.json
    coverlet.collector (6.0)
    Fargo.CmdLine (1.1.14)
      FSharp.Core (>= 7.0.400)
    FSharp.Core (7.0.401)
    FsToolkit.ErrorHandling (4.10)
      FSharp.Core (>= 7.0.300)
    Microsoft.CodeCoverage (17.7.2)
    Microsoft.NET.Test.Sdk (17.7.2)
      Microsoft.CodeCoverage (>= 17.7.2)
      Microsoft.TestPlatform.TestHost (>= 17.7.2)
    Microsoft.NETCore.Platforms (7.0.4)
    Microsoft.TestPlatform.ObjectModel (17.7.2)
      NuGet.Frameworks (>= 6.5)
      System.Reflection.Metadata (>= 1.6)
    Microsoft.TestPlatform.TestHost (17.7.2)
      Microsoft.TestPlatform.ObjectModel (>= 17.7.2)
      Newtonsoft.Json (>= 13.0.1)
    NETStandard.Library (2.0.3)
      Microsoft.NETCore.Platforms (>= 1.1)
    Newtonsoft.Json (13.0.3)
    NuGet.Frameworks (6.7)
    NUnit (3.14)
      NETStandard.Library (>= 2.0)
    NUnit.Analyzers (3.9)
    NUnit3TestAdapter (4.5)
    System.Collections.Immutable (7.0)
    System.Reflection.Metadata (7.0.2)
      System.Collections.Immutable (>= 7.0)
    UTF.Unknown (2.5.1)
