STORAGE: NONE
RESTRICTION: == net9.0
NUGET
  remote: https://api.nuget.org/v3/index.json
    coverlet.collector (6.0.4)
    Fargo.CmdLine (1.3.3)
      FSharp.Core (>= 6.0)
    FSharp.Core (9.0.300)
    FsToolkit.ErrorHandling (5.0)
      FSharp.Core (>= 9.0.300)
    Microsoft.ApplicationInsights (2.23)
      System.Diagnostics.DiagnosticSource (>= 5.0)
    Microsoft.CodeCoverage (17.14.1)
    Microsoft.NET.Test.Sdk (17.14.1)
      Microsoft.CodeCoverage (>= 17.14.1)
      Microsoft.TestPlatform.TestHost (>= 17.14.1)
    Microsoft.Testing.Extensions.Telemetry (1.7.2)
      Microsoft.ApplicationInsights (>= 2.23)
      Microsoft.Testing.Platform (>= 1.7.2)
    Microsoft.Testing.Extensions.TrxReport.Abstractions (1.7.2)
      Microsoft.Testing.Platform (>= 1.7.2)
    Microsoft.Testing.Extensions.VSTestBridge (1.7.2)
      Microsoft.Testing.Extensions.Telemetry (>= 1.7.2)
      Microsoft.Testing.Extensions.TrxReport.Abstractions (>= 1.7.2)
      Microsoft.Testing.Platform (>= 1.7.2)
      Microsoft.TestPlatform.AdapterUtilities (>= 17.13)
      Microsoft.TestPlatform.ObjectModel (>= 17.13)
    Microsoft.Testing.Platform (1.7.2)
    Microsoft.Testing.Platform.MSBuild (1.7.2)
      Microsoft.Testing.Platform (>= 1.7.2)
    Microsoft.TestPlatform.AdapterUtilities (17.14.1)
    Microsoft.TestPlatform.ObjectModel (17.14.1)
      System.Reflection.Metadata (>= 8.0)
    Microsoft.TestPlatform.TestHost (17.14.1)
      Microsoft.TestPlatform.ObjectModel (>= 17.14.1)
      Newtonsoft.Json (>= 13.0.3)
    Newtonsoft.Json (13.0.3)
    NUnit (4.3.2)
    NUnit.Analyzers (4.9.1)
    NUnit3TestAdapter (5.0)
      Microsoft.Testing.Extensions.VSTestBridge (>= 1.5.3)
      Microsoft.Testing.Platform.MSBuild (>= 1.5.3)
    System.Diagnostics.DiagnosticSource (9.0.6)
    System.Reflection.Metadata (9.0.6)
    UTF.Unknown (2.5.1)
